PATH
  remote: .
  specs:
    bibliotech (0.3.1)
      caliph (~> 0.3.1)
      mattock (~> 0.9.0)
      thor (~> 0.19.1)
      valise (~> 1.1.1)

GEM
  remote: https://rubygems.org/
  specs:
    cadre (0.3.1)
      thor (>= 0.18.1, < 1.0)
      tilt (~> 1.0)
      valise (~> 1.0)
    caliph (0.3.1)
    codeclimate-test-reporter (0.3.0)
      simplecov (>= 0.7.1, < 1.0.0)
    coderay (1.1.0)
    corundum (0.4.1)
      bundler
      caliph (~> 0.3)
      mattock (~> 0.9)
      paint (~> 0.8.7)
      rspec (>= 2.0)
      simplecov (>= 0.5.4)
      simplecov-json (>= 0.2)
    diff-lcs (1.2.5)
    docile (1.1.5)
    json (1.8.1)
    mattock (0.9.0)
      caliph (~> 0.3.1)
      rake (~> 10.0)
      tilt (> 0)
      valise (~> 1.1.1)
    method_source (0.8.2)
    multi_json (1.10.1)
    paint (0.8.7)
    pry (0.10.0)
      coderay (~> 1.1.0)
      method_source (~> 0.8.1)
      slop (~> 3.4)
    rake (10.3.2)
    rspec (3.0.0)
      rspec-core (~> 3.0.0)
      rspec-expectations (~> 3.0.0)
      rspec-mocks (~> 3.0.0)
    rspec-core (3.0.4)
      rspec-support (~> 3.0.0)
    rspec-expectations (3.0.4)
      diff-lcs (>= 1.2.0, < 2.0)
      rspec-support (~> 3.0.0)
    rspec-mocks (3.0.4)
      rspec-support (~> 3.0.0)
    rspec-support (3.0.4)
    simplecov (0.9.0)
      docile (~> 1.1.0)
      multi_json
      simplecov-html (~> 0.8.0)
    simplecov-html (0.8.0)
    simplecov-json (0.2)
      json
      simplecov
    slop (3.5.0)
    thor (0.19.1)
    tilt (1.4.1)
    valise (1.1.1)

PLATFORMS
  ruby

DEPENDENCIES
  bibliotech!
  cadre
  codeclimate-test-reporter
  corundum (~> 0.4.1)
  pry
